GEM
  remote: http://rubygems.org/
  specs:
    jruby-rack (1.1.13.1)
    rack (1.5.2)
    rack-protection (1.4.0)
      rack
    sinatra (1.3.5)
      rack (~> 1.4)
      rack-protection (~> 1.3)
      tilt (~> 1.3, >= 1.3.3)
    tilt (1.3.4)
    trinidad (1.4.4)
      jruby-rack (>= 1.1.10)
      trinidad_jars (>= 1.1.0)
    trinidad_jars (1.2.1)

PLATFORMS
  java

DEPENDENCIES
  sinatra (~> 1.3.2)
  trinidad
