GEM
  remote: http://rubygems.org/
  specs:
    daemons (1.1.9)
    eventmachine (1.0.1)
    haml (4.0.2)
      tilt
    rack (1.5.2)
    rack-protection (1.4.0)
      rack
    sequel (3.45.0)
    sinatra (1.3.5)
      rack (~> 1.4)
      rack-protection (~> 1.3)
      tilt (~> 1.3, >= 1.3.3)
    sqlite3 (1.3.7)
    thin (1.5.0)
      daemons (>= 1.0.9)
      eventmachine (>= 0.12.6)
      rack (>= 1.0.0)
    tilt (1.3.4)

PLATFORMS
  ruby

DEPENDENCIES
  haml
  sequel (~> 3.45.0)
  sinatra (~> 1.3.2)
  sqlite3
  thin (~> 1.5.0)
